GEM
  remote: https://rubygems.org/
  specs:
    bank_holidays (0.0.2)
      httparty
      icalendar
    dotenv (2.2.1)
    foreman (0.84.0)
      thor (~> 0.19.1)
    httparty (0.15.6)
      multi_xml (>= 0.5.2)
    icalendar (2.4.1)
    multi_xml (0.6.0)
    mustermann (1.1.1)
      ruby2_keywords (~> 0.0.1)
    rack (2.2.6.3)
    rack-protection (2.0.2)
      rack
    rake (12.3.3)
    ruby2_keywords (0.0.2)
    sinatra (2.0.2)
      mustermann (~> 1.0)
      rack (~> 2.0)
      rack-protection (= 2.0.2)
      tilt (~> 2.0)
    thor (0.19.4)
    tilt (2.0.10)

PLATFORMS
  ruby

DEPENDENCIES
  bank_holidays
  dotenv
  foreman
  httparty
  rake
  sinatra

RUBY VERSION
   ruby 2.4.1p111

BUNDLED WITH
   1.16.0.pre.3
